GEM
  remote: https://rubygems.org/
  specs:
    connection_pool (1.0.0)
    ffi (1.8.1)
    ffi (1.8.1-java)
    ffi-geos (0.1.1)
      ffi (>= 1.0.0)
    ffi-ogr (0.0.1)
      ffi (>= 1.6.0)
      multi_json (= 1.7.2)
    jdbc-postgres (9.2.1002.1)
    jruby-rack (1.1.13.2)
    multi_json (1.7.2)
    pg (0.15.1)
    puma (1.6.3)
      rack (~> 1.2)
    puma (1.6.3-java)
      rack (~> 1.2)
    rack (1.5.2)
    rack-cors (0.2.7)
      rack
    rack-protection (1.5.0)
      rack
    redis (3.0.3)
    rubyzip (0.9.9)
    sequel (3.46.0)
    sinatra (1.4.2)
      rack (~> 1.5, >= 1.5.2)
      rack-protection (~> 1.4)
      tilt (~> 1.3, >= 1.3.4)
    tairu (0.10.0)
      connection_pool (= 1.0.0)
      multi_json (= 1.7.2)
      puma (= 1.6.3)
      redis (= 3.0.3)
      sequel (= 3.46.0)
      sinatra (= 1.4.2)
    tilt (1.3.7)

PLATFORMS
  java
  ruby

DEPENDENCIES
  ffi
  ffi-geos (= 0.1.1)
  ffi-ogr (= 0.0.1)
  jdbc-postgres
  jruby-rack
  pg
  puma
  rack-cors
  rubyzip
  sequel
  sinatra
  tairu (= 0.10.0)
